PATH
  remote: .
  specs:
    pbmenv (0.1.0)

GEM
  remote: https://rubygems.org/
  specs:
    rake (13.0.6)

PLATFORMS
  arm64-darwin-20

DEPENDENCIES
  pbmenv!
  rake (~> 13.0)

BUNDLED WITH
   2.2.16
